GEM
  remote: https://rubygems.org/
  specs:
    backports (3.6.8)
    bcrypt (3.1.11)
    byebug (9.0.5)
    coderay (1.1.1)
    committee (1.14.1)
      json_schema (~> 0.6, >= 0.6.1)
      rack (>= 1.5)
    concurrent-ruby (1.0.2)
    dalli (2.7.6)
    database_cleaner (1.5.3)
    diff-lcs (1.2.5)
    docile (1.1.5)
    dotenv (2.1.1)
    erubis (2.7.0)
    geokit (1.10.0)
    http_accept (0.1.6)
    i18n (0.7.0)
    json (1.8.3)
    json_schema (0.12.5)
    jwt (1.5.4)
    method_source (0.8.2)
    minitest (5.9.0)
    multi_json (1.12.1)
    oj (2.15.1)
    pg (0.18.4)
    pliny (0.17.0)
      activesupport (~> 4.1, >= 4.1.0)
      http_accept (~> 0.1, >= 0.1.5)
      multi_json (~> 1.9, >= 1.9.3)
      prmd (~> 0.11, >= 0.11.4)
      sinatra (~> 1.4, >= 1.4.7)
      sinatra-router (~> 0.2, >= 0.2.3)
      thor (~> 0.19, >= 0.19.1)
    prmd (0.11.11)
      erubis (~> 2.7)
      json_schema (~> 0.3, >= 0.3.1)
    pry (0.10.3)
      coderay (~> 1.1.0)
      method_source (~> 0.8.1)
      slop (~> 3.4)
    pry-byebug (3.4.0)
      byebug (~> 9.0)
      pry (~> 0.10)
    puma (2.16.0)
    rack (1.6.4)
    rack-cache (1.6.1)
      rack (>= 0.4)
    rack-protection (1.5.3)
      rack
    rack-ssl (1.4.1)
      rack
    rack-test (0.6.3)
      rack (>= 1.0)
    rack-timeout (0.4.2)
    rake (11.2.2)
    redis (3.3.0)
    rollbar (2.11.5)
      multi_json
    rspec-support (3.4.1)
    sequel (4.35.0)
    sequel-paranoid (0.6.2)
      sequel
    sequel_pg (1.6.17)
      pg (>= 0.8.0)
      sequel (>= 4.0.0)
    simplecov (0.11.2)
      docile (~> 1.1.0)
      json (~> 1.8)
      simplecov-html (~> 0.10.0)
    simplecov-html (0.10.0)
    sinatra (1.4.7)
      rack (~> 1.5)
      rack-protection (~> 1.4)
      tilt (>= 1.3, < 3)
    sinatra-contrib (1.4.7)
      backports (>= 2.0)
      multi_json
      rack-protection
      rack-test
      sinatra (~> 1.4.0)
      tilt (>= 1.3, < 3)
    sinatra-rate-limiter (0.4.2)
      redis (~> 3.0)
      sinatra (~> 1.3)
    sinatra-router (0.2.3)
      sinatra (~> 1.4)
    slop (3.6.0)
    sucker_punch (2.0.2)
      concurrent-ruby (~> 1.0.0)
    thor (0.19.1)
    thread_safe (0.3.5)
    tilt (2.0.5)
    tzinfo (1.2.2)
      thread_safe (~> 0.1)
    will_paginate (3.1.0)

PLATFORMS
  ruby

DEPENDENCIES
  bcrypt
  committee
  dalli
  database_cleaner
  dotenv
  geokit
  jwt
  multi_json
  oj
  pg
  pliny (~> 0.17)
  pry
  pry-byebug
  puma (~> 2.16)
  rack-cache
  rack-ssl
  rack-test
  rack-timeout (~> 0.4)
  rake
  redis
  rollbar
  rspec
  sequel (~> 4.34)
  sequel-paranoid
  sequel_pg (~> 1.6)
  simplecov
  sinatra (~> 1.4)
  sinatra-contrib
  sinatra-rate-limiter
  sinatra-router
  sucker_punch
  will_paginate

RUBY VERSION
   ruby 2.3.1p112

BUNDLED WITH
   1.12.5
